GEM
  remote: http://rubygems.org/
  specs:
    haml (5.1.2)
      temple (>= 0.8.0)
      tilt
    helphelp (0.0.8)
      haml
      maruku (= 0.6.1)
    maruku (0.6.1)
      syntax (>= 1.0.0)
    syntax (1.0.0)
    temple (0.8.2)
    tilt (2.0.10)

PLATFORMS
  ruby

DEPENDENCIES
  helphelp
